GEM
  remote: http://rubygems.org/
  specs:
    msgpack (0.4.5)
    rack (1.3.0)
    sinatra (1.2.6)
      rack (~> 1.1)
      tilt (>= 1.2.2, < 2.0)
    tilt (1.3.1)

PLATFORMS
  ruby

DEPENDENCIES
  msgpack
  sinatra
